GEM
  remote: http://rubygems.org/
  specs:
    coderay (1.0.8)
    ffi (1.3.1)
    guard (1.6.1)
      listen (>= 0.6.0)
      lumberjack (>= 1.0.2)
      pry (>= 0.9.10)
      thor (>= 0.14.6)
    guard-shell (0.5.1)
      guard (>= 1.1.0)
    listen (0.7.2)
    lumberjack (1.0.2)
    method_source (0.8.1)
    pry (0.9.11.4)
      coderay (~> 1.0.5)
      method_source (~> 0.8)
      slop (~> 3.4)
    rb-fchange (0.0.6)
      ffi
    rb-fsevent (0.9.3)
    rb-inotify (0.8.8)
      ffi (>= 0.5.0)
    slop (3.4.3)
    thor (0.17.0)

PLATFORMS
  ruby

DEPENDENCIES
  guard
  guard-shell
  rb-fchange
  rb-fsevent
  rb-inotify (~> 0.8.8)
